GEM
  remote: https://rubygems.org/
  specs:
    archive-zip (0.12.0)
      io-like (~> 0.3.0)
    aws-eventstream (1.2.0)
    aws-partitions (1.629.0)
    aws-sdk-core (3.146.0)
      aws-eventstream (~> 1, >= 1.0.2)
      aws-partitions (~> 1, >= 1.525.0)
      aws-sigv4 (~> 1.1)
      jmespath (~> 1, >= 1.6.1)
    aws-sdk-kms (1.58.0)
      aws-sdk-core (~> 3, >= 3.127.0)
      aws-sigv4 (~> 1.1)
    aws-sdk-lambda (1.85.0)
      aws-sdk-core (~> 3, >= 3.127.0)
      aws-sigv4 (~> 1.1)
    aws-sdk-s3 (1.114.0)
      aws-sdk-core (~> 3, >= 3.127.0)
      aws-sdk-kms (~> 1)
      aws-sigv4 (~> 1.4)
    aws-sigv4 (1.5.1)
      aws-eventstream (~> 1, >= 1.0.2)
    dotenv (2.8.1)
    io-like (0.3.1)
    jmespath (1.6.1)
    rake (13.0.6)

PLATFORMS
  ruby

DEPENDENCIES
  archive-zip (~> 0.12)
  aws-sdk-lambda (~> 1.71)
  aws-sdk-s3 (~> 1.105)
  dotenv (~> 2.7)
  rake (~> 13.0)

BUNDLED WITH
   2.1.4
